GEM
  remote: https://rubygems.org/
  specs:
    envyable (1.2.0)
      thor (>= 0.18.1, < 2.0)
    faraday (1.0.0)
      multipart-post (>= 1.2, < 3)
    jwt (2.2.1)
    mini_portile2 (2.8.0)
    multipart-post (2.1.1)
    mustermann (1.1.1)
      ruby2_keywords (~> 0.0.1)
    nokogiri (1.13.3)
      mini_portile2 (~> 2.8.0)
      racc (~> 1.4)
    racc (1.6.0)
    rack (2.2.3)
    rack-protection (2.0.8.1)
      rack
    ruby2_keywords (0.0.2)
    shotgun (0.9.2)
      rack (>= 1.0)
    sinatra (2.0.8.1)
      mustermann (~> 1.0)
      rack (~> 2.0)
      rack-protection (= 2.0.8.1)
      tilt (~> 2.0)
    thor (1.0.1)
    tilt (2.0.10)
    twilio-ruby (5.31.5)
      faraday (~> 1.0.0)
      jwt (>= 1.5, <= 2.5)
      nokogiri (>= 1.6, < 2.0)

PLATFORMS
  ruby

DEPENDENCIES
  envyable (~> 1.2)
  shotgun (~> 0.9.2)
  sinatra (~> 2.0)
  twilio-ruby (~> 5.31)

BUNDLED WITH
   2.1.4
